GEM
  remote: http://rubygems.org/
  specs:
    foreman (0.78.0)
      thor (~> 0.19.1)
    sass (3.4.22)
    thor (0.19.1)

PLATFORMS
  ruby

DEPENDENCIES
  foreman (~> 0.78.0)
  sass (~> 3.4, >= 3.4.21)

BUNDLED WITH
   1.12.5
